PATH
  remote: .
  specs:
    ecwid-api (0.0.1)
      oj
      rest_client

GEM
  remote: https://rubygems.org/
  specs:
    netrc (0.7.7)
    oj (2.10.2)
    rake (10.3.2)
    rest_client (1.7.3)
      netrc (~> 0.7.7)

PLATFORMS
  ruby

DEPENDENCIES
  bundler (~> 1.3)
  ecwid-api!
  rake
